PATH
  remote: .
  specs:
    berlin-ai (0.0.37)
      rainbow (~> 1.1.4)
      ruby-terminfo
      sinatra (= 1.4.3)
      sinatra-contrib (= 1.4.1)
      thin (= 1.5.1)
      yajl-ruby (= 1.4.3)

GEM
  remote: http://www.rubygems.org/
  specs:
    backports (3.24.1)
    coderay (1.0.9)
    daemons (1.4.1)
    eventmachine (1.2.7)
    method_source (0.8.2)
    minitest (4.7.5)
    multi_json (1.15.0)
    pry (0.9.12.2)
      coderay (~> 1.0.5)
      method_source (~> 0.8)
      slop (~> 3.4)
    rack (1.6.13)
    rack-protection (1.5.5)
      rack
    rack-test (2.1.0)
      rack (>= 1.3)
    rainbow (1.1.4)
    ruby-terminfo (0.1.1)
    sinatra (1.4.3)
      rack (~> 1.4)
      rack-protection (~> 1.4)
      tilt (~> 1.3, >= 1.3.4)
    sinatra-contrib (1.4.1)
      backports (>= 2.0)
      multi_json
      rack-protection
      rack-test
      sinatra (~> 1.4.0)
      tilt (~> 1.3)
    slop (3.4.6)
    thin (1.5.1)
      daemons (>= 1.0.9)
      eventmachine (>= 0.12.6)
      rack (>= 1.0.0)
    tilt (1.4.1)
    yajl-ruby (1.4.3)

PLATFORMS
  ruby

DEPENDENCIES
  berlin-ai!
  minitest
  pry
